GIT
  remote: https://github.com/eamonn-webster/bacon-expect
  revision: a54805ca2b8cdbcbb81a298fc3c1d4dff38d2a80
  specs:
    bacon-expect (1.0.3)

GEM
  remote: https://rubygems.org/
  specs:
    CFPropertyList (3.0.5)
      rexml
    activesupport (5.2.8)
      concurrent-ruby (~> 1.0, >= 1.0.2)
      i18n (>= 0.7, < 2)
      minitest (~> 5.1)
      tzinfo (~> 1.1)
    addressable (2.8.0)
      public_suffix (>= 2.0.2, < 5.0)
    algoliasearch (1.27.5)
      httpclient (~> 2.8, >= 2.8.3)
      json (>= 1.5.1)
    ast (2.4.2)
    atomos (0.1.3)
    bubble-wrap (1.9.6)
    byebug (11.1.3)
    claide (1.1.0)
    cocoapods (1.10.0)
      addressable (~> 2.6)
      claide (>= 1.0.2, < 2.0)
      cocoapods-core (= 1.10.0)
      cocoapods-deintegrate (>= 1.0.3, < 2.0)
      cocoapods-downloader (>= 1.4.0, < 2.0)
      cocoapods-plugins (>= 1.0.0, < 2.0)
      cocoapods-search (>= 1.0.0, < 2.0)
      cocoapods-trunk (>= 1.4.0, < 2.0)
      cocoapods-try (>= 1.1.0, < 2.0)
      colored2 (~> 3.1)
      escape (~> 0.0.4)
      fourflusher (>= 2.3.0, < 3.0)
      gh_inspector (~> 1.0)
      molinillo (~> 0.6.6)
      nap (~> 1.0)
      ruby-macho (~> 1.4)
      xcodeproj (>= 1.19.0, < 2.0)
    cocoapods-core (1.10.0)
      activesupport (> 5.0, < 6)
      addressable (~> 2.6)
      algoliasearch (~> 1.0)
      concurrent-ruby (~> 1.1)
      fuzzy_match (~> 2.0.4)
      nap (~> 1.0)
      netrc (~> 0.11)
      public_suffix
      typhoeus (~> 1.0)
    cocoapods-deintegrate (1.0.5)
    cocoapods-downloader (1.6.3)
    cocoapods-plugins (1.0.0)
      nap
    cocoapods-search (1.0.1)
    cocoapods-trunk (1.6.0)
      nap (>= 0.8, < 2.0)
      netrc (~> 0.11)
    cocoapods-try (1.2.0)
    coderay (1.1.3)
    colored2 (3.1.2)
    concurrent-ruby (1.1.10)
    dbt (1.2.0)
    escape (0.0.4)
    ethon (0.15.0)
      ffi (>= 1.15.0)
    ffi (1.15.5)
    fourflusher (2.3.1)
    fuzzy_match (2.0.4)
    gh_inspector (1.1.3)
    httpclient (2.8.3)
    i18n (1.10.0)
      concurrent-ruby (~> 1.0)
    json (2.6.2)
    method_source (1.0.0)
    minitest (5.16.0)
    molinillo (0.6.6)
    motion-cocoapods (1.11.0)
      cocoapods (>= 1.6.0, <= 1.10.0)
    motion-kit (1.1.1)
      dbt (~> 1.1, >= 1.1.5)
    motion_print (1.2.0)
    nanaimo (0.3.0)
    nap (1.1.0)
    netrc (0.11.0)
    parallel (1.22.1)
    parser (3.1.2.0)
      ast (~> 2.4.1)
    pry (0.13.1)
      coderay (~> 1.1)
      method_source (~> 1.0)
    pry-byebug (3.9.0)
      byebug (~> 11.0)
      pry (~> 0.13.0)
    public_suffix (4.0.7)
    rainbow (3.1.1)
    rake (11.3.0)
    regexp_parser (2.5.0)
    rexml (3.2.5)
    rubocop (1.30.1)
      parallel (~> 1.10)
      parser (>= 3.1.0.0)
      rainbow (>= 2.2.2, < 4.0)
      regexp_parser (>= 1.8, < 3.0)
      rexml (>= 3.2.5, < 4.0)
      rubocop-ast (>= 1.18.0, < 2.0)
      ruby-progressbar (~> 1.7)
      unicode-display_width (>= 1.4.0, < 3.0)
    rubocop-ast (1.18.0)
      parser (>= 3.1.1.0)
    rubocop-performance (1.14.2)
      rubocop (>= 1.7.0, < 2.0)
      rubocop-ast (>= 0.4.0)
    rubocop-rake (0.6.0)
      rubocop (~> 1.0)
    rubocop-rspec (2.11.1)
      rubocop (~> 1.19)
    ruby-macho (1.4.0)
    ruby-progressbar (1.11.0)
    sugarcube (4.0.0)
    thread_safe (0.3.6)
    typhoeus (1.4.0)
      ethon (>= 0.9.0)
    tzinfo (1.2.9)
      thread_safe (~> 0.1)
    unicode-display_width (2.1.0)
    xcodeproj (1.21.0)
      CFPropertyList (>= 2.3.3, < 4.0)
      atomos (~> 0.1.3)
      claide (>= 1.0.2, < 2.0)
      colored2 (~> 3.1)
      nanaimo (~> 0.3.0)
      rexml (~> 3.2.4)

PLATFORMS
  ruby

DEPENDENCIES
  bacon-expect!
  bubble-wrap (~> 1.9)
  motion-cocoapods (~> 1.11)
  motion-kit (~> 1.1)
  motion_print (~> 1.2.0)
  pry-byebug (~> 3.9.0)
  rake
  rubocop
  rubocop-performance
  rubocop-rake
  rubocop-rspec
  sugarcube (~> 4.0)

BUNDLED WITH
   2.3.6
